GEM
  remote: https://rubygems.org/
  specs:
    minitest (5.4.3)
    rake (12.3.3)

PLATFORMS
  ruby

DEPENDENCIES
  minitest (~> 5.0)
  rake (= 12.3.3)

BUNDLED WITH
   2.1.4
